STORAGE: NONE
RESTRICTION: == net6.0
NUGET
  remote: https://api.nuget.org/v3/index.json
    Humanizer.Core (2.14.1)
    Microsoft.Data.Sqlite.Core (6.0.6)
      SQLitePCLRaw.core (>= 2.0.6)
    Microsoft.EntityFrameworkCore (6.0.6)
      Microsoft.EntityFrameworkCore.Abstractions (>= 6.0.6)
      Microsoft.EntityFrameworkCore.Analyzers (>= 6.0.6)
      Microsoft.Extensions.Caching.Memory (>= 6.0.1)
      Microsoft.Extensions.DependencyInjection (>= 6.0)
      Microsoft.Extensions.Logging (>= 6.0)
      System.Collections.Immutable (>= 6.0)
      System.Diagnostics.DiagnosticSource (>= 6.0)
    Microsoft.EntityFrameworkCore.Abstractions (6.0.6)
    Microsoft.EntityFrameworkCore.Analyzers (6.0.6)
    Microsoft.EntityFrameworkCore.Design (6.0.6)
      Humanizer.Core (>= 2.8.26)
      Microsoft.EntityFrameworkCore.Relational (>= 6.0.6)
    Microsoft.EntityFrameworkCore.Relational (6.0.6)
      Microsoft.EntityFrameworkCore (>= 6.0.6)
      Microsoft.Extensions.Configuration.Abstractions (>= 6.0)
    Microsoft.EntityFrameworkCore.Sqlite (6.0.6)
      Microsoft.EntityFrameworkCore.Sqlite.Core (>= 6.0.6)
      SQLitePCLRaw.bundle_e_sqlite3 (>= 2.0.6)
    Microsoft.EntityFrameworkCore.Sqlite.Core (6.0.6)
      Microsoft.Data.Sqlite.Core (>= 6.0.6)
      Microsoft.EntityFrameworkCore.Relational (>= 6.0.6)
      Microsoft.Extensions.DependencyModel (>= 6.0)
    Microsoft.Extensions.Caching.Abstractions (6.0)
      Microsoft.Extensions.Primitives (>= 6.0)
    Microsoft.Extensions.Caching.Memory (6.0.1)
      Microsoft.Extensions.Caching.Abstractions (>= 6.0)
      Microsoft.Extensions.DependencyInjection.Abstractions (>= 6.0)
      Microsoft.Extensions.Logging.Abstractions (>= 6.0)
      Microsoft.Extensions.Options (>= 6.0)
      Microsoft.Extensions.Primitives (>= 6.0)
    Microsoft.Extensions.Configuration.Abstractions (6.0)
      Microsoft.Extensions.Primitives (>= 6.0)
    Microsoft.Extensions.DependencyInjection (6.0)
      Microsoft.Extensions.DependencyInjection.Abstractions (>= 6.0)
      System.Runtime.CompilerServices.Unsafe (>= 6.0)
    Microsoft.Extensions.DependencyInjection.Abstractions (6.0)
    Microsoft.Extensions.DependencyModel (6.0)
      System.Buffers (>= 4.5.1)
      System.Memory (>= 4.5.4)
      System.Runtime.CompilerServices.Unsafe (>= 6.0)
      System.Text.Encodings.Web (>= 6.0)
      System.Text.Json (>= 6.0)
    Microsoft.Extensions.Logging (6.0)
      Microsoft.Extensions.DependencyInjection (>= 6.0)
      Microsoft.Extensions.DependencyInjection.Abstractions (>= 6.0)
      Microsoft.Extensions.Logging.Abstractions (>= 6.0)
      Microsoft.Extensions.Options (>= 6.0)
      System.Diagnostics.DiagnosticSource (>= 6.0)
    Microsoft.Extensions.Logging.Abstractions (6.0.1)
    Microsoft.Extensions.Options (6.0)
      Microsoft.Extensions.DependencyInjection.Abstractions (>= 6.0)
      Microsoft.Extensions.Primitives (>= 6.0)
    Microsoft.Extensions.Primitives (6.0)
      System.Runtime.CompilerServices.Unsafe (>= 6.0)
    Newtonsoft.Json (13.0.1)
    SQLitePCLRaw.bundle_e_sqlite3 (2.1)
      SQLitePCLRaw.lib.e_sqlite3 (>= 2.1)
      SQLitePCLRaw.provider.e_sqlite3 (>= 2.1)
    SQLitePCLRaw.core (2.1)
      System.Memory (>= 4.5.3)
    SQLitePCLRaw.lib.e_sqlite3 (2.1)
    SQLitePCLRaw.provider.e_sqlite3 (2.1)
      SQLitePCLRaw.core (>= 2.1)
    System.Buffers (4.5.1)
    System.Collections.Immutable (6.0)
      System.Runtime.CompilerServices.Unsafe (>= 6.0)
    System.Diagnostics.DiagnosticSource (6.0)
      System.Runtime.CompilerServices.Unsafe (>= 6.0)
    System.Memory (4.5.5)
    System.Runtime.CompilerServices.Unsafe (6.0)
    System.Text.Encodings.Web (6.0)
      System.Runtime.CompilerServices.Unsafe (>= 6.0)
    System.Text.Json (6.0.5)
      System.Runtime.CompilerServices.Unsafe (>= 6.0)
      System.Text.Encodings.Web (>= 6.0)
